PATH
  remote: .
  specs:
    chupakabra_tools (0.0.19)
      active_enum
      activerecord
      activesupport
      nokogiri
      russian
      will_paginate

GEM
  remote: https://rubygems.org/
  specs:
    active_enum (0.9.12)
      activesupport (~> 3.0)
    activemodel (3.2.12)
      activesupport (= 3.2.12)
      builder (~> 3.0.0)
    activerecord (3.2.12)
      activemodel (= 3.2.12)
      activesupport (= 3.2.12)
      arel (~> 3.0.2)
      tzinfo (~> 0.3.29)
    activesupport (3.2.12)
      i18n (~> 0.6)
      multi_json (~> 1.0)
    arel (3.0.2)
    builder (3.0.4)
    i18n (0.6.4)
    mini_portile (0.5.0)
    multi_json (1.7.7)
    nokogiri (1.6.0)
      mini_portile (~> 0.5.0)
    russian (0.6.0)
      i18n (>= 0.5.0)
    tzinfo (0.3.37)
    will_paginate (3.0.4)

PLATFORMS
  ruby

DEPENDENCIES
  chupakabra_tools!
