PATH
  remote: .
  specs:
    chupakabra_tools (0.0.21)
      active_enum
      activerecord
      activesupport
      nokogiri
      russian
      will_paginate

GEM
  remote: https://rubygems.org/
  specs:
    active_enum (0.9.1)
    activemodel (4.1.1)
      activesupport (= 4.1.1)
      builder (~> 3.1)
    activerecord (4.1.1)
      activemodel (= 4.1.1)
      activesupport (= 4.1.1)
      arel (~> 5.0.0)
    activesupport (4.1.1)
      i18n (~> 0.6, >= 0.6.9)
      json (~> 1.7, >= 1.7.7)
      minitest (~> 5.1)
      thread_safe (~> 0.1)
      tzinfo (~> 1.1)
    arel (5.0.1.20140414130214)
    builder (3.2.2)
    i18n (0.6.9)
    json (1.8.1)
    mini_portile (0.6.0)
    minitest (5.3.3)
    nokogiri (1.6.2.1)
      mini_portile (= 0.6.0)
    russian (0.6.0)
      i18n (>= 0.5.0)
    thread_safe (0.3.3)
    tzinfo (1.1.0)
      thread_safe (~> 0.1)
    will_paginate (3.0.5)

PLATFORMS
  ruby

DEPENDENCIES
  chupakabra_tools!
